GEM
  remote: http://rubygems.org/
  specs:
    builder (3.0.0)
    git (1.2.5)
    jeweler (1.6.4)
      bundler (~> 1.0)
      git (>= 1.2.5)
      rake
    json (1.5.3)
    rake (0.9.2)
    rcov (0.9.10)
    shoulda (2.11.3)

PLATFORMS
  ruby

DEPENDENCIES
  builder
  bundler (~> 1.0.0)
  jeweler (~> 1.6.4)
  json
  rcov
  shoulda
